GEM
  remote: https://rubygems.org/
  specs:
    ast (2.4.2)
    date (3.3.4)
    dotenv (2.8.1)
    json (2.7.0)
    language_server-protocol (3.17.0.3)
    numbers_in_words (1.0.1)
    open-uri (0.4.0)
      stringio
      time
      uri
    parallel (1.23.0)
    parser (3.2.2.4)
      ast (~> 2.4.1)
      racc
    racc (1.7.3)
    rainbow (3.1.1)
    regexp_parser (2.8.2)
    rexml (3.2.6)
    rubocop (1.58.0)
      json (~> 2.3)
      language_server-protocol (>= 3.17.0)
      parallel (~> 1.10)
      parser (>= 3.2.2.4)
      rainbow (>= 2.2.2, < 4.0)
      regexp_parser (>= 1.8, < 3.0)
      rexml (>= 3.2.5, < 4.0)
      rubocop-ast (>= 1.30.0, < 2.0)
      ruby-progressbar (~> 1.7)
      unicode-display_width (>= 2.4.0, < 3.0)
    rubocop-ast (1.30.0)
      parser (>= 3.2.1.0)
    ruby-progressbar (1.13.0)
    stringio (3.1.0)
    time (0.3.0)
      date
    unicode-display_width (2.5.0)
    uri (0.13.0)

PLATFORMS
  arm64-darwin-23

DEPENDENCIES
  dotenv
  numbers_in_words
  open-uri
  rubocop (~> 1.58)

BUNDLED WITH
   2.4.10
